PATH
  remote: .
  specs:
    trix (0.7.0)

GEM
  remote: https://rubygems.org/
  specs:
    coffee-script (2.2.0)
      coffee-script-source
      execjs
    coffee-script-source (1.9.1)
    ejs (1.1.1)
    execjs (1.4.0)
      multi_json (~> 1.0)
    hike (1.2.3)
    json (1.8.1)
    multi_json (1.7.7)
    rack (1.5.2)
    rack-rewrite (1.5.0)
    rake (10.0.4)
    sass (3.4.3)
    sprockets (2.10.0)
      hike (~> 1.2)
      multi_json (~> 1.0)
      rack (~> 1.0)
      tilt (~> 1.1, != 1.3.0)
    tilt (1.4.1)
    uglifier (2.5.1)
      execjs (>= 0.3.0)
      json (>= 1.8.0)

PLATFORMS
  ruby

DEPENDENCIES
  coffee-script
  coffee-script-source (~> 1.9.1)
  ejs
  rack-rewrite
  rake
  sass
  sprockets
  trix!
  uglifier
