GIT
  remote: git://github.com/javan/blade_runner-sauce.git
  revision: 5a35c85ca625e9821e3ff58dc9e04364270c8e77
  specs:
    blade_runner-sauce (0.1.0)
      childprocess
      faraday

GIT
  remote: git://github.com/javan/blade_runner.git
  revision: 0c0e7d3c14696a6a5f771465bd8785eb722777a7
  specs:
    blade_runner (0.1.0)
      activesupport
      coffee-script
      coffee-script-source
      curses
      eventmachine
      faye
      sprockets
      thin
      useragent

PATH
  remote: .
  specs:
    trix (0.8.0)

GEM
  remote: https://rubygems.org/
  specs:
    activesupport (4.2.1)
      i18n (~> 0.7)
      json (~> 1.7, >= 1.7.7)
      minitest (~> 5.1)
      thread_safe (~> 0.3, >= 0.3.4)
      tzinfo (~> 1.1)
    addressable (2.3.8)
    childprocess (0.5.6)
      ffi (~> 1.0, >= 1.0.11)
    coffee-script (2.4.1)
      coffee-script-source
      execjs
    coffee-script-source (1.9.1.1)
    cookiejar (0.3.2)
    curses (1.0.1)
    daemons (1.2.2)
    ejs (1.1.1)
    em-http-request (1.1.2)
      addressable (>= 2.3.4)
      cookiejar
      em-socksify (>= 0.3)
      eventmachine (>= 1.0.3)
      http_parser.rb (>= 0.6.0)
    em-socksify (0.3.0)
      eventmachine (>= 1.0.0.beta.4)
    eventmachine (1.0.7)
    execjs (2.5.2)
    faraday (0.9.1)
      multipart-post (>= 1.2, < 3)
    faye (1.1.1)
      cookiejar (>= 0.3.0)
      em-http-request (>= 0.3.0)
      eventmachine (>= 0.12.0)
      faye-websocket (>= 0.9.1)
      multi_json (>= 1.0.0)
      rack (>= 1.0.0)
      websocket-driver (>= 0.5.1)
    faye-websocket (0.9.2)
      eventmachine (>= 0.12.0)
      websocket-driver (>= 0.5.1)
    ffi (1.9.8)
    http_parser.rb (0.6.0)
    i18n (0.7.0)
    json (1.8.1)
    minitest (5.7.0)
    multi_json (1.11.0)
    multipart-post (2.0.0)
    rack (1.6.1)
    rack-rewrite (1.5.0)
    rake (10.0.4)
    sass (3.4.3)
    sprockets (3.2.0)
      rack (~> 1.0)
    thin (1.6.3)
      daemons (~> 1.0, >= 1.0.9)
      eventmachine (~> 1.0)
      rack (~> 1.0)
    thread_safe (0.3.5)
    tzinfo (1.2.2)
      thread_safe (~> 0.1)
    uglifier (2.5.1)
      execjs (>= 0.3.0)
      json (>= 1.8.0)
    useragent (0.13.3)
    websocket-driver (0.5.4)
      websocket-extensions (>= 0.1.0)
    websocket-extensions (0.1.2)

PLATFORMS
  ruby

DEPENDENCIES
  blade_runner!
  blade_runner-sauce!
  coffee-script
  coffee-script-source (~> 1.9.1)
  ejs
  rack-rewrite
  rake
  sass
  sprockets
  trix!
  uglifier
