GIT
  remote: git://github.com/javan/blade_runner-sauce.git
  revision: 577f112b94f1092af8a81b228641cb5971d1698c
  specs:
    blade_runner-sauce (0.1.0)
      faraday

GIT
  remote: git://github.com/javan/blade_runner.git
  revision: a23babd9a3bf84a46d1e996762fd11f6fb7f1260
  specs:
    blade_runner (0.1.0)
      childprocess
      coffee-script
      coffee-script-source
      curses
      eventmachine
      faye
      listen
      puma
      sprockets

PATH
  remote: .
  specs:
    trix (0.8.0)

GEM
  remote: https://rubygems.org/
  specs:
    addressable (2.3.8)
    celluloid (0.16.0)
      timers (~> 4.0.0)
    childprocess (0.5.6)
      ffi (~> 1.0, >= 1.0.11)
    coffee-script (2.4.1)
      coffee-script-source
      execjs
    coffee-script-source (1.9.1.1)
    cookiejar (0.3.2)
    curses (1.0.1)
    ejs (1.1.1)
    em-http-request (1.1.2)
      addressable (>= 2.3.4)
      cookiejar
      em-socksify (>= 0.3)
      eventmachine (>= 1.0.3)
      http_parser.rb (>= 0.6.0)
    em-socksify (0.3.0)
      eventmachine (>= 1.0.0.beta.4)
    eventmachine (1.0.7)
    execjs (2.5.2)
    faraday (0.9.1)
      multipart-post (>= 1.2, < 3)
    faye (1.1.1)
      cookiejar (>= 0.3.0)
      em-http-request (>= 0.3.0)
      eventmachine (>= 0.12.0)
      faye-websocket (>= 0.9.1)
      multi_json (>= 1.0.0)
      rack (>= 1.0.0)
      websocket-driver (>= 0.5.1)
    faye-websocket (0.9.2)
      eventmachine (>= 0.12.0)
      websocket-driver (>= 0.5.1)
    ffi (1.9.8)
    hitimes (1.2.2)
    http_parser.rb (0.6.0)
    json (1.8.1)
    listen (2.10.0)
      celluloid (~> 0.16.0)
      rb-fsevent (>= 0.9.3)
      rb-inotify (>= 0.9)
    multi_json (1.11.0)
    multipart-post (2.0.0)
    puma (2.11.2)
      rack (>= 1.1, < 2.0)
    rack (1.6.0)
    rack-rewrite (1.5.0)
    rake (10.0.4)
    rb-fsevent (0.9.4)
    rb-inotify (0.9.5)
      ffi (>= 0.5.0)
    sass (3.4.3)
    sprockets (3.0.0)
      rack (~> 1.0)
    timers (4.0.1)
      hitimes
    uglifier (2.5.1)
      execjs (>= 0.3.0)
      json (>= 1.8.0)
    websocket-driver (0.5.4)
      websocket-extensions (>= 0.1.0)
    websocket-extensions (0.1.2)

PLATFORMS
  ruby

DEPENDENCIES
  blade_runner!
  blade_runner-sauce!
  coffee-script
  coffee-script-source (~> 1.9.1)
  ejs
  rack-rewrite
  rake
  sass
  sprockets
  trix!
  uglifier
